GEM
  remote: https://rubygems.org/
  specs:
    async (1.28.9)
      console (~> 1.10)
      nio4r (~> 2.3)
      timers (~> 4.1)
    console (1.10.2)
      fiber-local
    diff-lcs (1.4.4)
    fiber-local (1.0.0)
    nio4r (2.5.7)
    rspec (3.10.0)
      rspec-core (~> 3.10.0)
      rspec-expectations (~> 3.10.0)
      rspec-mocks (~> 3.10.0)
    rspec-core (3.10.1)
      rspec-support (~> 3.10.0)
    rspec-expectations (3.10.1)
      diff-lcs (>= 1.2.0, < 2.0)
      rspec-support (~> 3.10.0)
    rspec-mocks (3.10.2)
      diff-lcs (>= 1.2.0, < 2.0)
      rspec-support (~> 3.10.0)
    rspec-support (3.10.2)
    timers (4.3.3)

PLATFORMS
  x86_64-darwin-20

DEPENDENCIES
  async
  rspec

BUNDLED WITH
   2.2.3
